GEM
  remote: https://rubygems.org/
  specs:
    xcpretty (0.1.10)

PLATFORMS
  ruby

DEPENDENCIES
  xcpretty
